GEM
  remote: https://rubygems.org/
  specs:
    activesupport (4.1.4)
      i18n (~> 0.6, >= 0.6.9)
      json (~> 1.7, >= 1.7.7)
      minitest (~> 5.1)
      thread_safe (~> 0.1)
      tzinfo (~> 1.1)
    i18n (0.7.0)
    json (1.8.2)
    minitest (5.5.1)
    rack (1.5.2)
    rack-parser (0.6.1)
      rack
    rack-protection (1.5.3)
      rack
    shotgun (0.9)
      rack (>= 1.0)
    sinatra (1.4.5)
      rack (~> 1.4)
      rack-protection (~> 1.4)
      tilt (~> 1.3, >= 1.3.4)
    thread_safe (0.3.4)
    tilt (1.4.1)
    tzinfo (1.2.2)
      thread_safe (~> 0.1)

PLATFORMS
  ruby

DEPENDENCIES
  activesupport (= 4.1.4)
  rack-parser (~> 0.6.1)
  shotgun (~> 0.9)
  sinatra (~> 1.4.5)
